GEM
  remote: https://rubygems.org/
  specs:
    concurrent-ruby (1.3.5)
    diff-lcs (1.5.1)
    docile (1.4.1)
    i18n (1.14.7)
      concurrent-ruby (~> 1.0)
    rspec (3.13.0)
      rspec-core (~> 3.13.0)
      rspec-expectations (~> 3.13.0)
      rspec-mocks (~> 3.13.0)
    rspec-core (3.13.1)
      rspec-support (~> 3.13.0)
    rspec-expectations (3.13.3)
      diff-lcs (>= 1.2.0, < 2.0)
      rspec-support (~> 3.13.0)
    rspec-mocks (3.13.2)
      diff-lcs (>= 1.2.0, < 2.0)
      rspec-support (~> 3.13.0)
    rspec-support (3.13.1)
    simplecov (0.22.0)
      docile (~> 1.1)
      simplecov-html (~> 0.11)
      simplecov_json_formatter (~> 0.1)
    simplecov-html (0.13.1)
    simplecov_json_formatter (0.1.4)

PLATFORMS
  ruby
  x86_64-linux

DEPENDENCIES
  bundler (~> 2.5.10)
  i18n (~> 1.14)
  rspec (~> 3.13)
  simplecov (~> 0.22.0)

RUBY VERSION
   ruby 3.0.6p216

BUNDLED WITH
   2.5.23
