GEM
  remote: https://rubygems.org/
  specs:

PLATFORMS
  ruby
  x86_64-linux

DEPENDENCIES
  bundler (~> 2.5.10)

RUBY VERSION
   ruby 3.0.6p216

BUNDLED WITH
   2.5.21
